GEM
  remote: https://rubygems.org/
  specs:
    activesupport (4.2.11.1)
      i18n (~> 0.7)
      minitest (~> 5.1)
      thread_safe (~> 0.3, >= 0.3.4)
      tzinfo (~> 1.1)
    coderay (1.1.1)
    concurrent-ruby (1.1.6)
    diff-lcs (1.3)
    i18n (0.9.5)
      concurrent-ruby (~> 1.0)
    method_source (0.8.2)
    minitest (5.14.0)
    pry (0.10.4)
      coderay (~> 1.1.0)
      method_source (~> 0.8.1)
      slop (~> 3.4)
    rspec (3.5.0)
      rspec-core (~> 3.5.0)
      rspec-expectations (~> 3.5.0)
      rspec-mocks (~> 3.5.0)
    rspec-core (3.5.4)
      rspec-support (~> 3.5.0)
    rspec-expectations (3.5.0)
      diff-lcs (>= 1.2.0, < 2.0)
      rspec-support (~> 3.5.0)
    rspec-mocks (3.5.0)
      diff-lcs (>= 1.2.0, < 2.0)
      rspec-support (~> 3.5.0)
    rspec-support (3.5.0)
    slop (3.6.0)
    thread_safe (0.3.6)
    tzinfo (1.2.6)
      thread_safe (~> 0.1)

PLATFORMS
  ruby

DEPENDENCIES
  activesupport (~> 4.2.8)
  pry
  rspec

BUNDLED WITH
   1.17.3
