GEM
  remote: https://rubygems.org/
  specs:
    activesupport (6.1.7.3)
      concurrent-ruby (~> 1.0, >= 1.0.2)
      i18n (>= 1.6, < 2)
      minitest (>= 5.1)
      tzinfo (~> 2.0)
      zeitwerk (~> 2.3)
    coderay (1.1.1)
    concurrent-ruby (1.2.2)
    diff-lcs (1.3)
    i18n (1.12.0)
      concurrent-ruby (~> 1.0)
    method_source (0.8.2)
    minitest (5.18.0)
    pry (0.10.4)
      coderay (~> 1.1.0)
      method_source (~> 0.8.1)
      slop (~> 3.4)
    rspec (3.5.0)
      rspec-core (~> 3.5.0)
      rspec-expectations (~> 3.5.0)
      rspec-mocks (~> 3.5.0)
    rspec-core (3.5.4)
      rspec-support (~> 3.5.0)
    rspec-expectations (3.5.0)
      diff-lcs (>= 1.2.0, < 2.0)
      rspec-support (~> 3.5.0)
    rspec-mocks (3.5.0)
      diff-lcs (>= 1.2.0, < 2.0)
      rspec-support (~> 3.5.0)
    rspec-support (3.5.0)
    slop (3.6.0)
    tzinfo (2.0.6)
      concurrent-ruby (~> 1.0)
    zeitwerk (2.6.7)

PLATFORMS
  ruby

DEPENDENCIES
  activesupport (~> 6.1.7)
  pry
  rspec

RUBY VERSION
   ruby 2.6.6p146

BUNDLED WITH
   2.1.4
